GEM
  remote: https://rubygems.org/
  specs:
    haml (4.0.5)
      tilt
    httparty (0.13.3)
      json (~> 1.8)
      multi_xml (>= 0.5.2)
    json (1.8.1)
    mini_portile (0.6.1)
    multi_xml (0.5.5)
    nokogiri (1.6.5)
      mini_portile (~> 0.6.0)
    rack (1.5.2)
    rack-protection (1.5.3)
      rack
    sinatra (1.4.5)
      rack (~> 1.4)
      rack-protection (~> 1.4)
      tilt (~> 1.3, >= 1.3.4)
    tilt (1.4.1)
    wei-backend (0.1.4)
      haml (~> 4.0.4)
      json (~> 1.8)
      nokogiri (~> 1.6.0)
      sinatra (~> 1.4.4)

PLATFORMS
  ruby

DEPENDENCIES
  httparty
  sinatra
  wei-backend
